GEM
  remote: https://rubygems.org/
  specs:
    coderay (1.1.2)
    method_source (0.9.2)
    pry (0.12.2)
      coderay (~> 1.1.0)
      method_source (~> 0.9.0)
    rack (2.0.6)

PLATFORMS
  ruby

DEPENDENCIES
  pry
  rack (~> 2.0.1)

BUNDLED WITH
   1.17.2
